GEM
  remote: https://rubygems.org/
  specs:
    concurrent-ruby (1.2.3)
    mime-types (3.5.2)
      mime-types-data (~> 3.2015)
    mime-types-data (3.2024.0305)
    playwright-ruby-client (1.42.1)
      concurrent-ruby (>= 1.1.6)
      mime-types (>= 3.0)

PLATFORMS
  arm64-darwin
  x86_64-darwin
  x86_64-linux

DEPENDENCIES
  playwright-ruby-client

BUNDLED WITH
   2.4.10
